GEM
  remote: https://rubygems.org/
  specs:
    ProMotion (1.1.2)
      methadone
    activesupport (3.2.17)
      i18n (~> 0.6, >= 0.6.4)
      multi_json (~> 1.0)
    afmotion (2.1.2)
      motion-cocoapods (~> 1.4.0)
      motion-require (>= 0.1)
    bubble-wrap (1.5.0)
    claide (0.5.0)
    cocoapods (0.32.1)
      activesupport (>= 3.2.15, < 4)
      claide (~> 0.5.0)
      cocoapods-core (= 0.32.1)
      cocoapods-downloader (~> 0.5.0)
      cocoapods-try (~> 0.2.0)
      colored (~> 1.2)
      escape (~> 0.0.4)
      json_pure (~> 1.8)
      nap (~> 0.7)
      open4 (~> 1.3)
      xcodeproj (~> 0.16.1)
    cocoapods-core (0.32.1)
      activesupport (>= 3.2.15, < 4)
      fuzzy_match (~> 2.0.4)
      json_pure (~> 1.8)
      nap (~> 0.5)
    cocoapods-downloader (0.5.0)
    cocoapods-try (0.2.0)
    colored (1.2)
    escape (0.0.4)
    fuzzy_match (2.0.4)
    i18n (0.6.9)
    json_pure (1.8.1)
    methadone (1.3.2)
      bundler
    motion-cocoapods (1.4.1)
      cocoapods (>= 0.32.1)
    motion-env (0.0.3)
    motion-pixatefreestyle (2.1)
      sass
    motion-require (0.2.0)
    motion-testflight (1.5)
    multi_json (1.9.2)
    nap (0.7.0)
    open4 (1.3.3)
    rake (10.3.0)
    sass (3.3.5)
    sugarcube (1.5.6)
    wakizashi (0.1.1)
      motion-cocoapods (>= 1.0.1)
    xcodeproj (0.16.1)
      activesupport (~> 3.0)
      colored (~> 1.2)

PLATFORMS
  ruby

DEPENDENCIES
  ProMotion (~> 1.1.2)
  afmotion (~> 2.1.0)
  bubble-wrap
  motion-cocoapods (~> 1.4.1)
  motion-env
  motion-pixatefreestyle
  motion-testflight
  rake
  sugarcube
  wakizashi
